GEM
  remote: http://rubygems.org/
  specs:
    RedCloth (4.2.7)
    actionmailer (2.3.11)
      actionpack (= 2.3.11)
    actionpack (2.3.11)
      activesupport (= 2.3.11)
      rack (~> 1.1.0)
    activerecord (2.3.11)
      activesupport (= 2.3.11)
    activeresource (2.3.11)
      activesupport (= 2.3.11)
    activesupport (2.3.11)
    columnize (0.3.2)
    i18n (0.5.0)
    linecache (0.43)
    rack (1.1.2)
    rails (2.3.11)
      actionmailer (= 2.3.11)
      actionpack (= 2.3.11)
      activerecord (= 2.3.11)
      activeresource (= 2.3.11)
      activesupport (= 2.3.11)
      rake (>= 0.8.3)
    rake (0.8.7)
    ri_cal (0.8.8)
    ruby-debug (0.10.4)
      columnize (>= 0.1)
      ruby-debug-base (~> 0.10.4.0)
    ruby-debug-base (0.10.4)
      linecache (>= 0.3)
    sqlite3 (1.3.3)
    tzinfo (0.3.27)

PLATFORMS
  ruby

DEPENDENCIES
  RedCloth
  i18n
  rails (= 2.3.11)
  ri_cal
  ruby-debug
  sqlite3
  tzinfo
